GEM
  remote: https://rubygems.org/
  specs:
    concurrent-ruby (1.1.3)
    lightstep (0.13.0)
      concurrent-ruby (~> 1.0)
      opentracing (~> 0.4.1)
    opentracing (0.4.3)

PLATFORMS
  ruby

DEPENDENCIES
  lightstep
  opentracing

BUNDLED WITH
   1.16.1
